GEM
  remote: https://rubygems.org/
  specs:
    csv (3.3.5)
    date (3.4.1)
    debug (1.11.0)
      irb (~> 1.10)
      reline (>= 0.3.8)
    erb (5.0.2)
    image_size (3.4.0)
    io-console (0.8.1)
    irb (1.15.2)
      pp (>= 0.6.0)
      rdoc (>= 4.0.0)
      reline (>= 0.4.2)
    nkf (0.2.0)
    pastel (0.8.0)
      tty-color (~> 0.5)
    pp (0.6.2)
      prettyprint
    prettyprint (0.2.0)
    psych (5.2.6)
      date
      stringio
    rake (13.3.0)
    rdoc (6.14.2)
      erb
      psych (>= 4.0.0)
    reline (0.6.2)
      io-console (~> 0.5)
    review (5.10.0)
      csv
      image_size
      nkf
      rexml
      rouge
      rubyzip
      tty-logger
    rexml (3.4.4)
    rouge (4.6.0)
    rubyzip (3.1.0)
    stringio (3.1.7)
    tty-color (0.6.0)
    tty-logger (0.6.0)
      pastel (~> 0.8)
    watchcat (0.5.1-x86_64-linux)
      psych

PLATFORMS
  x86_64-linux

DEPENDENCIES
  debug
  rake
  review
  watchcat

BUNDLED WITH
   2.7.1
