GEM
  remote: https://rubygems.org/
  specs:
    byebug (11.1.3)
    image_size (2.1.0)
    rake (13.0.1)
    review (5.0.0)
      image_size
      rouge
      rubyzip
    rouge (3.25.0)
    rubyzip (2.3.0)

PLATFORMS
  ruby

DEPENDENCIES
  byebug
  rake
  review

BUNDLED WITH
   2.1.4
